GEM
  remote: https://rubygems.org/
  specs:
    ffi (1.16.3)
    sassc (2.4.0)
      ffi (~> 1.9)

PLATFORMS
  x86_64-linux

DEPENDENCIES
  sassc

BUNDLED WITH
   2.3.26
