GEM
  remote: https://rubygems.org/
  specs:
    ffi (1.15.5)
    sassc (2.4.0)
      ffi (~> 1.9)

PLATFORMS
  ruby

DEPENDENCIES
  sassc

BUNDLED WITH
   2.1.4
